GIT
  remote: https://github.com/michelson/acts-as-taggable-on
  revision: b06f17165007c35929a1ed4cd2e0f0e509cacd02
  specs:
    acts-as-taggable-on (6.0.1)
      activerecord (~> 5.0)

PATH
  remote: ../cmor_blog_backend
  specs:
    cmor_blog_backend (0.0.47.pre)
      cmor_blog (= 0.0.47.pre)
      cmor_core (= 0.0.47.pre)
      cmor_core_backend (= 0.0.47.pre)
      rails (>= 5.2.3)

PATH
  remote: ../cmor_blog
  specs:
    cmor_blog (0.0.47.pre)
      acts_as_list
      acts_as_published
      cmor_core (= 0.0.47.pre)
      cmor_core_frontend (= 0.0.47.pre)
      friendly_id
      haml-rails
      kramdown
      rails (>= 5.2.3)
      rails-i18n
      rao-resources_controller (>= 0.0.17.pre)
      rao-service (>= 0.0.17.pre)

PATH
  remote: ../cmor_carousels_backend
  specs:
    cmor_carousels_backend (0.0.47.pre)
      cmor_carousels (= 0.0.47.pre)
      cmor_core (= 0.0.47.pre)
      cmor_core_backend (= 0.0.47.pre)
      rails (>= 5.2.3)

PATH
  remote: ../cmor_carousels
  specs:
    cmor_carousels (0.0.47.pre)
      acts_as_list
      acts_as_published
      cmor_core (= 0.0.47.pre)
      cmor_core_frontend (= 0.0.47.pre)
      markup-rails
      mini_magick
      rails (>= 5.2.3)

PATH
  remote: ../cmor_cms_backend
  specs:
    cmor_cms_backend (0.0.47.pre)
      cmor_cms (= 0.0.47.pre)
      cmor_core (= 0.0.47.pre)
      cmor_core_backend (= 0.0.47.pre)
      rails (>= 5.2.3)

PATH
  remote: ../cmor_cms
  specs:
    cmor_cms (0.0.47.pre)
      RedCloth
      acts_as_published
      awesome_nested_set
      cmor_core (= 0.0.47.pre)
      cmor_core_frontend (= 0.0.47.pre)
      coffee-rails
      draper
      rails (>= 5.2.3)
      rao-service (>= 0.0.17.pre)
      simple-navigation (>= 4.0.0)

PATH
  remote: ../cmor_contact_backend
  specs:
    cmor_contact_backend (0.0.47.pre)
      cmor_contact (= 0.0.47.pre)
      cmor_core (= 0.0.47.pre)
      cmor_core_backend (= 0.0.47.pre)
      rails (>= 5.2.3)

PATH
  remote: ../cmor_contact
  specs:
    cmor_contact (0.0.47.pre)
      cmor_core (= 0.0.47.pre)
      cmor_core_frontend (= 0.0.47.pre)
      coffee-rails
      haml-rails
      rails (>= 5.2.3)
      responders
      simple_form

PATH
  remote: ../cmor_files_backend
  specs:
    cmor_files_backend (0.0.47.pre)
      cmor_core (= 0.0.47.pre)
      cmor_core_backend (= 0.0.47.pre)
      cmor_files (= 0.0.47.pre)
      rails (>= 5.2.3)

PATH
  remote: ../cmor_files
  specs:
    cmor_files (0.0.47.pre)
      acts_as_list
      acts_as_published
      cmor_core (= 0.0.47.pre)
      cmor_core_frontend (= 0.0.47.pre)
      friendly_id
      rails (>= 5.2.3)
      rao-component
      rao-resources_controller

PATH
  remote: ../cmor_galleries_backend
  specs:
    cmor_galleries_backend (0.0.47.pre)
      cmor_core (= 0.0.47.pre)
      cmor_core_backend (= 0.0.47.pre)
      cmor_galleries (= 0.0.47.pre)
      rails (>= 5.2.3)

PATH
  remote: ../cmor_galleries
  specs:
    cmor_galleries (0.0.47.pre)
      acts_as_list
      acts_as_published
      cmor_core (= 0.0.47.pre)
      cmor_core_frontend (= 0.0.47.pre)
      friendly_id
      haml-rails
      rails (>= 5.2.3)
      rao-resources_controller (>= 0.0.14.pre)

PATH
  remote: ../cmor_links_backend
  specs:
    cmor_links_backend (0.0.47.pre)
      cmor_core (= 0.0.47.pre)
      cmor_core_backend (= 0.0.47.pre)
      cmor_links (= 0.0.47.pre)
      rails (>= 5.2.3)

PATH
  remote: ../cmor_links
  specs:
    cmor_links (0.0.47.pre)
      RedCloth
      acts_as_list
      awesome_nested_set
      awesome_nested_set-tools
      cmor_core (= 0.0.47.pre)
      cmor_core_frontend (= 0.0.47.pre)
      draper
      friendly_id
      markup-rails
      rails (>= 5.2.3)

PATH
  remote: ../cmor_rbac_backend
  specs:
    cmor_rbac_backend (0.0.47.pre)
      cmor_core (= 0.0.47.pre)
      cmor_core_backend (= 0.0.47.pre)
      cmor_rbac (= 0.0.47.pre)
      rails (>= 5.2.3)

PATH
  remote: ../cmor_rbac
  specs:
    cmor_rbac (0.0.47.pre)
      cmor_core (= 0.0.47.pre)
      cmor_core_frontend (= 0.0.47.pre)
      rails (>= 5.2.3)
      rao-service (>= 0.0.17.pre)

PATH
  remote: ../cmor_seo_frontend
  specs:
    cmor_seo_frontend (0.0.47.pre)
      cmor_core (= 0.0.47.pre)
      cmor_core_frontend (= 0.0.47.pre)
      rails (>= 5.2.3)

PATH
  remote: ../cmor_seo
  specs:
    cmor_seo (0.0.47.pre)
      acts_as_list
      acts_as_published
      cmor_core (= 0.0.47.pre)
      cmor_core_backend (= 0.0.47.pre)
      cocoon
      rails (>= 5.2.3)
      rao-or_validator
      rao-service (>= 0.0.34.pre)
      simple_form-polymorphic_associations

PATH
  remote: ../cmor_showcase_frontend
  specs:
    cmor_showcase_frontend (0.0.47.pre)
      cmor_core (= 0.0.47.pre)
      cmor_core_frontend (= 0.0.47.pre)
      rails (>= 5.2.3)

PATH
  remote: ../cmor_showcase
  specs:
    cmor_showcase (0.0.47.pre)
      acts_as_list
      acts_as_published
      cmor_core (= 0.0.47.pre)
      cmor_core_backend (= 0.0.47.pre)
      friendly_id
      markup-rails (>= 0.0.2)
      rails (>= 5.2.3)

PATH
  remote: ../cmor_system
  specs:
    cmor_system (0.0.47.pre)
      cmor_core (= 0.0.47.pre)
      cmor_core_backend (= 0.0.47.pre)
      markup-rails
      rails (>= 5.2.3)

PATH
  remote: ../cmor_tags_backend
  specs:
    cmor_tags_backend (0.0.47.pre)
      cmor_core (= 0.0.47.pre)
      cmor_core_backend (= 0.0.47.pre)
      cmor_tags (= 0.0.47.pre)
      rails (>= 5.2.3)

PATH
  remote: ../cmor_tags
  specs:
    cmor_tags (0.0.47.pre)
      acts-as-taggable-on
      cmor_core (= 0.0.47.pre)
      cmor_core_frontend (= 0.0.47.pre)
      rails (>= 5.2.3)
      rao-service (>= 0.0.17.pre)
      rao-service_controller (>= 0.0.17.pre)
      responders

PATH
  remote: ../cmor_testimonials_backend
  specs:
    cmor_testimonials_backend (0.0.47.pre)
      cmor_core (= 0.0.47.pre)
      cmor_core_backend (= 0.0.47.pre)
      cmor_testimonials (= 0.0.47.pre)
      rails (>= 5.2.3)

PATH
  remote: ../cmor_testimonials
  specs:
    cmor_testimonials (0.0.47.pre)
      acts_as_list
      acts_as_published
      cmor_core (= 0.0.47.pre)
      cmor_core_frontend (= 0.0.47.pre)
      friendly_id
      haml-rails
      markup-rails
      mini_magick
      rails (>= 5.2.3)
      rao-view_helper (>= 0.0.19.pre)

PATH
  remote: ../cmor_user_area_backend
  specs:
    cmor_user_area_backend (0.0.47.pre)
      cmor_core (= 0.0.47.pre)
      cmor_core_backend (= 0.0.47.pre)
      cmor_user_area (= 0.0.47.pre)
      rails (>= 5.2.3)

PATH
  remote: ../cmor_user_area
  specs:
    cmor_user_area (0.0.47.pre)
      active_model_serializers
      authlogic
      bcrypt
      cmor_core (= 0.0.47.pre)
      cmor_core_frontend (= 0.0.47.pre)
      rails (>= 5.2.3)
      rao-component (>= 0.0.17.pre)
      rao-resources_controller (>= 0.0.17.pre)
      rao-service (>= 0.0.17.pre)
      simple_form

PATH
  remote: ..
  specs:
    cmor (0.0.47.pre)
    cmor_core (0.0.47.pre)
      bootstrap-kaminari-views
      cmor (= 0.0.47.pre)
      delayed_job_active_record
      kaminari
      rails (>= 5.0.0)
      rao-view_helper (>= 0.0.20.pre)
      request_store_rails
      route_translator
    cmor_core_backend (0.0.47.pre)
      administrador (>= 0.0.22.pre)
      cmor_core (= 0.0.47.pre)
      rails (>= 5.2.3)
    cmor_core_frontend (0.0.47.pre)
      cmor_core (= 0.0.47.pre)
      rails (>= 5.2.3)
      rao-view_helper
    cmor_partners (0.0.47.pre)
      acts_as_list
      acts_as_published
      cmor_core (= 0.0.47.pre)
      cmor_core_backend (= 0.0.47.pre)
      markup-rails (>= 0.0.2)
      rails (>= 5.2.3)
    cmor_partners_frontend (0.0.47.pre)
      cmor_core (= 0.0.47.pre)
      cmor_core_frontend (= 0.0.47.pre)
      cmor_partners (= 0.0.47.pre)
      rails (>= 5.2.3)
      slick-rails (>= 0.0.2)

PATH
  remote: .
  specs:
    cmor_suite (0.0.47.pre)
      cmor_blog (= 0.0.47.pre)
      cmor_blog_backend (= 0.0.47.pre)
      cmor_carousels (= 0.0.47.pre)
      cmor_carousels_backend (= 0.0.47.pre)
      cmor_cms (= 0.0.47.pre)
      cmor_cms_backend (= 0.0.47.pre)
      cmor_contact (= 0.0.47.pre)
      cmor_contact_backend (= 0.0.47.pre)
      cmor_core (= 0.0.47.pre)
      cmor_core_frontend (= 0.0.47.pre)
      cmor_files (= 0.0.47.pre)
      cmor_files_backend (= 0.0.47.pre)
      cmor_galleries (= 0.0.47.pre)
      cmor_galleries_backend (= 0.0.47.pre)
      cmor_links (= 0.0.47.pre)
      cmor_links_backend (= 0.0.47.pre)
      cmor_partners (= 0.0.47.pre)
      cmor_partners_frontend (= 0.0.47.pre)
      cmor_rbac (= 0.0.47.pre)
      cmor_rbac_backend (= 0.0.47.pre)
      cmor_seo (= 0.0.47.pre)
      cmor_seo_frontend (= 0.0.47.pre)
      cmor_showcase (= 0.0.47.pre)
      cmor_showcase_frontend (= 0.0.47.pre)
      cmor_system (= 0.0.47.pre)
      cmor_tags (= 0.0.47.pre)
      cmor_tags_backend (= 0.0.47.pre)
      cmor_testimonials (= 0.0.47.pre)
      cmor_testimonials_backend (= 0.0.47.pre)
      cmor_user_area (= 0.0.47.pre)
      cmor_user_area_backend (= 0.0.47.pre)
      rails (>= 5.2.3)

GEM
  remote: https://rubygems.org/
  specs:
    RedCloth (4.3.2)
    actioncable (5.2.3)
      actionpack (= 5.2.3)
      nio4r (~> 2.0)
      websocket-driver (>= 0.6.1)
    actionmailer (5.2.3)
      actionpack (= 5.2.3)
      actionview (= 5.2.3)
      activejob (= 5.2.3)
      mail (~> 2.5, >= 2.5.4)
      rails-dom-testing (~> 2.0)
    actionpack (5.2.3)
      actionview (= 5.2.3)
      activesupport (= 5.2.3)
      rack (~> 2.0)
      rack-test (>= 0.6.3)
      rails-dom-testing (~> 2.0)
      rails-html-sanitizer (~> 1.0, >= 1.0.2)
    actionview (5.2.3)
      activesupport (= 5.2.3)
      builder (~> 3.1)
      erubi (~> 1.4)
      rails-dom-testing (~> 2.0)
      rails-html-sanitizer (~> 1.0, >= 1.0.3)
    active_model_serializers (0.10.10)
      actionpack (>= 4.1, < 6.1)
      activemodel (>= 4.1, < 6.1)
      case_transform (>= 0.2)
      jsonapi-renderer (>= 0.1.1.beta1, < 0.3)
    activejob (5.2.3)
      activesupport (= 5.2.3)
      globalid (>= 0.3.6)
    activemodel (5.2.3)
      activesupport (= 5.2.3)
    activemodel-serializers-xml (1.0.2)
      activemodel (> 5.x)
      activesupport (> 5.x)
      builder (~> 3.1)
    activerecord (5.2.3)
      activemodel (= 5.2.3)
      activesupport (= 5.2.3)
      arel (>= 9.0)
    activestorage (5.2.3)
      actionpack (= 5.2.3)
      activerecord (= 5.2.3)
      marcel (~> 0.3.1)
    activesupport (5.2.3)
      concurrent-ruby (~> 1.0, >= 1.0.2)
      i18n (>= 0.7, < 2)
      minitest (~> 5.1)
      tzinfo (~> 1.1)
    acts_as_list (0.9.19)
      activerecord (>= 3.0)
    acts_as_published (1.1.0)
      rails (>= 3.2.0)
    addressable (2.7.0)
      public_suffix (>= 2.0.2, < 5.0)
    administrador (0.0.22.pre)
      bootstrap4-kaminari-views
      coffee-rails
      haml-rails
      rails (>= 5.2.0)
      rails-i18n
      rao-component (>= 0.0.31.pre)
      rao-query (>= 0.0.33.pre)
      rao-resource_controller (>= 0.0.23.pre)
      rao-resources_controller (>= 0.0.23.pre)
      rao-service_controller (>= 0.0.23.pre)
      rao-view_helper (>= 0.0.23.pre)
      route_translator
      simple_form
      simple_sidebar (>= 0.0.4.pre)
    ansi (1.5.0)
    arel (9.0.0)
    ast (2.4.0)
    authlogic (5.0.4)
      activemodel (>= 5.2, < 6.1)
      activerecord (>= 5.2, < 6.1)
      activesupport (>= 5.2, < 6.1)
      request_store (~> 1.0)
      scrypt (>= 1.2, < 4.0)
    awesome_nested_set (3.2.0)
      activerecord (>= 4.0.0, < 7.0)
    awesome_nested_set-tools (1.0.2)
      rails (>= 3.2)
    bcrypt (3.1.13)
    bootsnap (1.4.5)
      msgpack (~> 1.0)
    bootstrap-kaminari-views (0.0.5)
      kaminari (>= 0.13)
      rails (>= 3.1)
    bootstrap4-kaminari-views (1.0.1)
      kaminari (>= 0.13)
      rails (>= 3.1)
    builder (3.2.3)
    capybara (3.29.0)
      addressable
      mini_mime (>= 0.1.3)
      nokogiri (~> 1.8)
      rack (>= 1.6.0)
      rack-test (>= 0.6.3)
      regexp_parser (~> 1.5)
      xpath (~> 3.2)
    case_transform (0.2)
      activesupport
    cocoon (1.2.14)
    coderay (1.1.2)
    coffee-rails (5.0.0)
      coffee-script (>= 2.2.0)
      railties (>= 5.2.0)
    coffee-script (2.4.1)
      coffee-script-source
      execjs
    coffee-script-source (1.12.2)
    concurrent-ruby (1.1.5)
    coveralls (0.7.1)
      multi_json (~> 1.3)
      rest-client
      simplecov (>= 0.7)
      term-ansicolor
      thor
    crass (1.0.5)
    delayed_job (4.1.8)
      activesupport (>= 3.0, < 6.1)
    delayed_job_active_record (4.1.4)
      activerecord (>= 3.0, < 6.1)
      delayed_job (>= 3.0, < 5)
    diff-lcs (1.3)
    docile (1.3.2)
    domain_name (0.5.20190701)
      unf (>= 0.0.5, < 1.0.0)
    draper (4.0.0)
      actionpack (>= 5.0)
      activemodel (>= 5.0)
      activemodel-serializers-xml (>= 1.0)
      activesupport (>= 5.0)
      request_store (>= 1.0)
    erubi (1.9.0)
    erubis (2.7.0)
    execjs (2.7.0)
    factory_bot (5.1.1)
      activesupport (>= 4.2.0)
    factory_bot_rails (5.1.1)
      factory_bot (~> 5.1.0)
      railties (>= 4.2.0)
    ffi (1.11.1)
    ffi-compiler (1.0.1)
      ffi (>= 1.0.0)
      rake
    font-awesome-rails (4.7.0.5)
      railties (>= 3.2, < 6.1)
    formatador (0.2.5)
    friendly_id (5.3.0)
      activerecord (>= 4.0.0)
    git_log_generator (0.0.5)
    globalid (0.4.2)
      activesupport (>= 4.2.0)
    guard (2.16.1)
      formatador (>= 0.2.4)
      listen (>= 2.7, < 4.0)
      lumberjack (>= 1.0.12, < 2.0)
      nenv (~> 0.1)
      notiffany (~> 0.0)
      pry (>= 0.9.12)
      shellany (~> 0.0)
      thor (>= 0.18.1)
    guard-bundler (2.2.1)
      bundler (>= 1.3.0, < 3)
      guard (~> 2.2)
      guard-compat (~> 1.1)
    guard-compat (1.2.1)
    guard-rails (0.8.1)
      guard (~> 2.11)
      guard-compat (~> 1.0)
    guard-rspec (4.7.3)
      guard (~> 2.1)
      guard-compat (~> 1.1)
      rspec (>= 2.99.0, < 4.0)
    haml (5.1.2)
      temple (>= 0.8.0)
      tilt
    haml-rails (2.0.1)
      actionpack (>= 5.1)
      activesupport (>= 5.1)
      haml (>= 4.0.6, < 6.0)
      html2haml (>= 1.0.1)
      railties (>= 5.1)
    html2haml (2.2.0)
      erubis (~> 2.7.0)
      haml (>= 4.0, < 6)
      nokogiri (>= 1.6.0)
      ruby_parser (~> 3.5)
    http-accept (1.7.0)
    http-cookie (1.0.3)
      domain_name (~> 0.5)
    i18n (1.7.0)
      concurrent-ruby (~> 1.0)
    jaro_winkler (1.5.4)
    json (2.2.0)
    jsonapi-renderer (0.2.2)
    kaminari (1.2.0)
      activesupport (>= 4.1.0)
      kaminari-actionview (= 1.2.0)
      kaminari-activerecord (= 1.2.0)
      kaminari-core (= 1.2.0)
    kaminari-actionview (1.2.0)
      actionview
      kaminari-core (= 1.2.0)
    kaminari-activerecord (1.2.0)
      activerecord
      kaminari-core (= 1.2.0)
    kaminari-core (1.2.0)
    kramdown (2.1.0)
    listen (3.2.0)
      rb-fsevent (~> 0.10, >= 0.10.3)
      rb-inotify (~> 0.9, >= 0.9.10)
    loofah (2.3.1)
      crass (~> 1.0.2)
      nokogiri (>= 1.5.9)
    lumberjack (1.0.13)
    mail (2.7.1)
      mini_mime (>= 0.1.1)
    marcel (0.3.3)
      mimemagic (~> 0.3.2)
    markup-rails (0.0.3)
      kramdown
      rails
      rao-view_helper
    method_source (0.9.2)
    mime-types (3.3)
      mime-types-data (~> 3.2015)
    mime-types-data (3.2019.1009)
    mimemagic (0.3.4)
    mini_magick (4.10.1)
    mini_mime (1.0.2)
    mini_portile2 (2.4.0)
    minitest (5.13.0)
    msgpack (1.3.1)
    multi_json (1.14.1)
    nenv (0.3.0)
    netrc (0.11.0)
    nio4r (2.5.2)
    nokogiri (1.10.5)
      mini_portile2 (~> 2.4.0)
    notiffany (0.1.3)
      nenv (~> 0.1)
      shellany (~> 0.0)
    parallel (1.18.0)
    parser (2.6.5.0)
      ast (~> 2.4.0)
    pry (0.12.2)
      coderay (~> 1.1.0)
      method_source (~> 0.9.0)
    pry-rails (0.3.9)
      pry (>= 0.10.4)
    public_suffix (4.0.1)
    rack (2.0.7)
    rack-test (1.1.0)
      rack (>= 1.0, < 3)
    rails (5.2.3)
      actioncable (= 5.2.3)
      actionmailer (= 5.2.3)
      actionpack (= 5.2.3)
      actionview (= 5.2.3)
      activejob (= 5.2.3)
      activemodel (= 5.2.3)
      activerecord (= 5.2.3)
      activestorage (= 5.2.3)
      activesupport (= 5.2.3)
      bundler (>= 1.3.0)
      railties (= 5.2.3)
      sprockets-rails (>= 2.0.0)
    rails-dom-testing (2.0.3)
      activesupport (>= 4.2.0)
      nokogiri (>= 1.6)
    rails-dummy (0.1.0)
      railties
    rails-html-sanitizer (1.3.0)
      loofah (~> 2.3)
    rails-i18n (5.1.3)
      i18n (>= 0.7, < 2)
      railties (>= 5.0, < 6)
    railties (5.2.3)
      actionpack (= 5.2.3)
      activesupport (= 5.2.3)
      method_source
      rake (>= 0.8.7)
      thor (>= 0.19.0, < 2.0)
    rainbow (3.0.0)
    rake (13.0.0)
    rao (0.0.34.pre)
    rao-component (0.0.39.pre)
      haml-rails
      rails
      rao
    rao-or_validator (0.0.1)
      rails
    rao-query (0.0.39.pre)
      rails
      rao
      rao-view_helper
    rao-resource_controller (0.0.39.pre)
      rails (>= 4.2.0)
      rao
      responders
    rao-resources_controller (0.0.39.pre)
      rails (>= 4.2.0)
      rao
      responders
    rao-service (0.0.39.pre)
      activemodel
      activesupport
      rails (>= 3.2.0)
      rao
    rao-service_controller (0.0.39.pre)
      font-awesome-rails
      rails (>= 3.2.0)
      rao
      simple_form
      twitter-bootstrap-components-rails
    rao-shoulda_matchers (0.0.34.pre)
      rao
    rao-view_helper (0.0.39.pre)
      rails (>= 3.2.0)
      rao
    rb-fsevent (0.10.3)
    rb-inotify (0.10.0)
      ffi (~> 1.0)
    regexp_parser (1.6.0)
    request_store (1.5.0)
      rack (>= 1.4)
    request_store_rails (2.0.0)
      concurrent-ruby (~> 1.0)
    responders (3.0.0)
      actionpack (>= 5.0)
      railties (>= 5.0)
    rest-client (2.1.0)
      http-accept (>= 1.7.0, < 2.0)
      http-cookie (>= 1.0.2, < 2.0)
      mime-types (>= 1.16, < 4.0)
      netrc (~> 0.8)
    route_translator (7.1.1)
      actionpack (>= 5.0.0.1, < 6.1)
      activesupport (>= 5.0.0.1, < 6.1)
      addressable (~> 2.7)
    rspec (3.9.0)
      rspec-core (~> 3.9.0)
      rspec-expectations (~> 3.9.0)
      rspec-mocks (~> 3.9.0)
    rspec-core (3.9.0)
      rspec-support (~> 3.9.0)
    rspec-expectations (3.9.0)
      diff-lcs (>= 1.2.0, < 2.0)
      rspec-support (~> 3.9.0)
    rspec-mocks (3.9.0)
      diff-lcs (>= 1.2.0, < 2.0)
      rspec-support (~> 3.9.0)
    rspec-rails (3.9.0)
      actionpack (>= 3.0)
      activesupport (>= 3.0)
      railties (>= 3.0)
      rspec-core (~> 3.9.0)
      rspec-expectations (~> 3.9.0)
      rspec-mocks (~> 3.9.0)
      rspec-support (~> 3.9.0)
    rspec-support (3.9.0)
    rubocop (0.76.0)
      jaro_winkler (~> 1.5.1)
      parallel (~> 1.10)
      parser (>= 2.6)
      rainbow (>= 2.2.2, < 4.0)
      ruby-progressbar (~> 1.7)
      unicode-display_width (>= 1.4.0, < 1.7)
    rubocop-performance (1.5.0)
      rubocop (>= 0.71.0)
    rubocop-rails (2.3.2)
      rack (>= 1.1)
      rubocop (>= 0.72.0)
    rubocop-rails_config (0.8.0)
      railties (>= 3.0)
      rubocop (~> 0.76)
      rubocop-performance (~> 1.3)
      rubocop-rails (~> 2.0)
    ruby-progressbar (1.10.1)
    ruby_parser (3.14.2)
      sexp_processor (~> 4.9)
    sassc (2.2.1)
      ffi (~> 1.9)
    sassc-rails (2.1.2)
      railties (>= 4.0.0)
      sassc (>= 2.0)
      sprockets (> 3.0)
      sprockets-rails
      tilt
    scrypt (3.0.7)
      ffi-compiler (>= 1.0, < 2.0)
    sexp_processor (4.14.1)
    shellany (0.0.1)
    shoulda-matchers (4.1.2)
      activesupport (>= 4.2.0)
    simple-navigation (4.1.0)
      activesupport (>= 2.3.2)
    simple_form (5.0.2)
      actionpack (>= 5.0)
      activemodel (>= 5.0)
    simple_form-polymorphic_associations (0.0.1)
      simple_form
    simple_sidebar (0.0.4.pre)
      coffee-rails
      rails (>= 5.0.0)
      rao-view_helper (>= 0.0.17.pre)
    simplecov (0.17.1)
      docile (~> 1.1)
      json (>= 1.8, < 3)
      simplecov-html (~> 0.10.0)
    simplecov-console (0.6.0)
      ansi
      simplecov
      terminal-table
    simplecov-html (0.10.2)
    slick-rails (0.0.3)
      coffee-rails
      haml-rails
      rao-view_helper
    sprockets (3.7.2)
      concurrent-ruby (~> 1.0)
      rack (> 1, < 3)
    sprockets-rails (3.2.1)
      actionpack (>= 4.0)
      activesupport (>= 4.0)
      sprockets (>= 3.0.0)
    sqlite3 (1.3.13)
    temple (0.8.2)
    term-ansicolor (1.7.1)
      tins (~> 1.0)
    terminal-table (1.8.0)
      unicode-display_width (~> 1.1, >= 1.1.1)
    thor (0.20.3)
    thread_safe (0.3.6)
    tilt (2.0.10)
    tins (1.22.0)
    turbolinks (5.2.1)
      turbolinks-source (~> 5.2)
    turbolinks-source (5.2.0)
    twitter-bootstrap-components-rails (1.0.0)
      haml-rails
      rails (>= 3.2)
      rao-view_helper
    tzinfo (1.2.5)
      thread_safe (~> 0.1)
    unf (0.1.4)
      unf_ext
    unf_ext (0.0.7.6)
    unicode-display_width (1.6.0)
    websocket-driver (0.7.1)
      websocket-extensions (>= 0.1.0)
    websocket-extensions (0.1.4)
    xpath (3.2.0)
      nokogiri (~> 1.8)

PLATFORMS
  ruby

DEPENDENCIES
  acts-as-taggable-on!
  bootsnap
  capybara
  cmor!
  cmor_blog!
  cmor_blog_backend!
  cmor_carousels!
  cmor_carousels_backend!
  cmor_cms!
  cmor_cms_backend!
  cmor_contact!
  cmor_contact_backend!
  cmor_files!
  cmor_files_backend!
  cmor_galleries!
  cmor_galleries_backend!
  cmor_links!
  cmor_links_backend!
  cmor_rbac!
  cmor_rbac_backend!
  cmor_seo!
  cmor_seo_frontend!
  cmor_showcase!
  cmor_showcase_frontend!
  cmor_suite!
  cmor_system!
  cmor_tags!
  cmor_tags_backend!
  cmor_testimonials!
  cmor_testimonials_backend!
  cmor_user_area!
  cmor_user_area_backend!
  coveralls
  factory_bot_rails
  git_log_generator
  guard-bundler
  guard-rails
  guard-rspec
  pry-rails
  rails-dummy
  rails-i18n
  rao-shoulda_matchers
  rspec-rails
  rubocop
  rubocop-rails_config
  sassc-rails
  shoulda-matchers
  simplecov
  simplecov-console
  sqlite3 (~> 1.3.6)
  turbolinks (~> 5)

BUNDLED WITH
   2.1.2
